PATH
  remote: .
  specs:
    sequel_more_than (0.1.2)
      sequel (~> 5)

GEM
  remote: https://rubygems.org/
  specs:
    bigdecimal (3.1.8)
    diff-lcs (1.5.1)
    pg (1.5.9)
    rake (13.2.1)
    rspec (3.13.0)
      rspec-core (~> 3.13.0)
      rspec-expectations (~> 3.13.0)
      rspec-mocks (~> 3.13.0)
    rspec-core (3.13.0)
      rspec-support (~> 3.13.0)
    rspec-expectations (3.13.0)
      diff-lcs (>= 1.2.0, < 2.0)
      rspec-support (~> 3.13.0)
    rspec-mocks (3.13.0)
      diff-lcs (>= 1.2.0, < 2.0)
      rspec-support (~> 3.13.0)
    rspec-support (3.13.1)
    sequel (5.82.0)
      bigdecimal

PLATFORMS
  arm64-darwin-23
  ruby

DEPENDENCIES
  pg (~> 1.5)
  rake (~> 13.0)
  rspec (~> 3.0)
  sequel_more_than!

BUNDLED WITH
   2.5.16
